PATH
  remote: .
  specs:
    gemsurance (0.1.4)
      bundler (~> 1.2)
      git (~> 1.2)

GEM
  remote: https://rubygems.org/
  specs:
    git (1.2.6)
    metaclass (0.0.1)
    mocha (0.14.0)
      metaclass (~> 0.0.1)
    nokogiri (1.5.9)
    rake (0.9.2.2)

PLATFORMS
  ruby

DEPENDENCIES
  gemsurance!
  mocha (= 0.14.0)
  nokogiri (= 1.5.9)
  rake (= 0.9.2.2)
